GEM
  remote: https://rubygems.org/
  specs:
    bigdecimal (3.1.9)
    coderay (1.1.3)
    commonmarker (2.0.4)
      rb_sys (~> 0.9)
    commonmarker (2.0.4-x86_64-darwin)
    csv (3.3.2)
    diff-lcs (1.5.1)
    domain_name (0.6.20240107)
    http-accept (1.7.0)
    http-cookie (1.0.8)
      domain_name (~> 0.5)
    httparty (0.22.0)
      csv
      mini_mime (>= 1.0.0)
      multi_xml (>= 0.5.2)
    json (2.9.1)
    logger (1.6.5)
    method_source (1.1.0)
    mime-types (3.6.0)
      logger
      mime-types-data (~> 3.2015)
    mime-types-data (3.2025.0107)
    mini_mime (1.1.5)
    multi_xml (0.7.1)
      bigdecimal (~> 3.1)
    net-http (0.6.0)
      uri
    netrc (0.11.0)
    openapi3_parser (0.10.1)
      commonmarker (>= 1.0)
    openapi_parser (2.2.3)
    pry (0.15.2)
      coderay (~> 1.1)
      method_source (~> 1.0)
    rake-compiler-dock (1.9.1)
    rb_sys (0.9.110)
      rake-compiler-dock (= 1.9.1)
    rest-client (2.1.0)
      http-accept (>= 1.7.0, < 2.0)
      http-cookie (>= 1.0.2, < 2.0)
      mime-types (>= 1.16, < 4.0)
      netrc (~> 0.8)
    rspec (3.13.0)
      rspec-core (~> 3.13.0)
      rspec-expectations (~> 3.13.0)
      rspec-mocks (~> 3.13.0)
    rspec-core (3.13.2)
      rspec-support (~> 3.13.0)
    rspec-expectations (3.13.3)
      diff-lcs (>= 1.2.0, < 2.0)
      rspec-support (~> 3.13.0)
    rspec-mocks (3.13.2)
      diff-lcs (>= 1.2.0, < 2.0)
      rspec-support (~> 3.13.0)
    rspec-support (3.13.2)
    uri (1.0.2)
    yaml (0.4.0)

PLATFORMS
  ruby
  x86_64-darwin-23

DEPENDENCIES
  httparty (~> 0.20)
  json
  net-http
  openapi3_parser
  openapi_parser
  pry
  rest-client (~> 2.1)
  rspec (~> 3.12)
  yaml (~> 0.1)

BUNDLED WITH
   2.5.9
